PATH
  remote: .
  specs:
    fcmpush (0.1.0)
      faraday (~> 0.15)

GEM
  remote: https://rubygems.org/
  specs:
    byebug (11.0.1)
    coderay (1.1.2)
    faraday (0.15.4)
      multipart-post (>= 1.2, < 3)
    method_source (0.9.2)
    minitest (5.11.3)
    multipart-post (2.1.1)
    pry (0.12.2)
      coderay (~> 1.1.0)
      method_source (~> 0.9.0)
    pry-byebug (3.7.0)
      byebug (~> 11.0)
      pry (~> 0.10)
    rake (13.0.1)

PLATFORMS
  ruby

DEPENDENCIES
  bundler (~> 2.0)
  fcmpush!
  minitest (~> 5.0)
  pry
  pry-byebug
  rake (~> 13.0)

BUNDLED WITH
   2.0.2
